GEM
  remote: https://rubygems.org/
  specs:
    amq-protocol (2.0.1)
    bunny (2.6.1)
      amq-protocol (>= 2.0.1)
    byebug (9.0.6)
    redis (3.3.1)

PLATFORMS
  ruby

DEPENDENCIES
  bunny (>= 2.5.1)
  byebug
  redis

RUBY VERSION
   ruby 2.3.1p112

BUNDLED WITH
   1.13.0
